PATH
  remote: .
  specs:
    rexport (0.3.3)
      activerecord (~> 3.1.0)

GEM
  remote: http://rubygems.org/
  specs:
    activemodel (3.1.8)
      activesupport (= 3.1.8)
      builder (~> 3.0.0)
      i18n (~> 0.6)
    activerecord (3.1.8)
      activemodel (= 3.1.8)
      activesupport (= 3.1.8)
      arel (~> 2.2.3)
      tzinfo (~> 0.3.29)
    activesupport (3.1.8)
      multi_json (>= 1.0, < 1.3)
    arel (2.2.3)
    builder (3.0.3)
    factory_girl (2.5.0)
      activesupport
    i18n (0.6.1)
    json (1.7.5)
    metaclass (0.0.1)
    mocha (0.12.6)
      metaclass (~> 0.0.1)
    multi_json (1.2.0)
    rake (0.9.2.2)
    rdoc (3.12)
      json (~> 1.4)
    sqlite3 (1.3.6)
    tzinfo (0.3.33)

PLATFORMS
  ruby

DEPENDENCIES
  activesupport (~> 3.1.0)
  factory_girl (~> 2.5.0)
  mocha
  rake (>= 0.9.2)
  rdoc (>= 3.12)
  rexport!
  sqlite3
